GEM
  remote: https://rubygems.org/
  specs:
    actioncable (6.1.3.1)
      actionpack (= 6.1.3.1)
      activesupport (= 6.1.3.1)
      nio4r (~> 2.0)
      websocket-driver (>= 0.6.1)
    actionmailbox (6.1.3.1)
      actionpack (= 6.1.3.1)
      activejob (= 6.1.3.1)
      activerecord (= 6.1.3.1)
      activestorage (= 6.1.3.1)
      activesupport (= 6.1.3.1)
      mail (>= 2.7.1)
    actionmailer (6.1.3.1)
      actionpack (= 6.1.3.1)
      actionview (= 6.1.3.1)
      activejob (= 6.1.3.1)
      activesupport (= 6.1.3.1)
      mail (~> 2.5, >= 2.5.4)
      rails-dom-testing (~> 2.0)
    actionpack (6.1.3.1)
      actionview (= 6.1.3.1)
      activesupport (= 6.1.3.1)
      rack (~> 2.0, >= 2.0.9)
      rack-test (>= 0.6.3)
      rails-dom-testing (~> 2.0)
      rails-html-sanitizer (~> 1.0, >= 1.2.0)
    actiontext (6.1.3.1)
      actionpack (= 6.1.3.1)
      activerecord (= 6.1.3.1)
      activestorage (= 6.1.3.1)
      activesupport (= 6.1.3.1)
      nokogiri (>= 1.8.5)
    actionview (6.1.3.1)
      activesupport (= 6.1.3.1)
      builder (~> 3.1)
      erubi (~> 1.4)
      rails-dom-testing (~> 2.0)
      rails-html-sanitizer (~> 1.1, >= 1.2.0)
    active_hash (3.1.0)
      activesupport (>= 5.0.0)
    activejob (6.1.3.1)
      activesupport (= 6.1.3.1)
      globalid (>= 0.3.6)
    activemodel (6.1.3.1)
      activesupport (= 6.1.3.1)
    activerecord (6.1.3.1)
      activemodel (= 6.1.3.1)
      activesupport (= 6.1.3.1)
    activestorage (6.1.3.1)
      actionpack (= 6.1.3.1)
      activejob (= 6.1.3.1)
      activerecord (= 6.1.3.1)
      activesupport (= 6.1.3.1)
      marcel (~> 1.0.0)
      mini_mime (~> 1.0.2)
    activesupport (6.1.3.1)
      concurrent-ruby (~> 1.0, >= 1.0.2)
      i18n (>= 1.6, < 2)
      minitest (>= 5.1)
      tzinfo (~> 2.0)
      zeitwerk (~> 2.3)
    addressable (2.7.0)
      public_suffix (>= 2.0.2, < 5.0)
    ancestry (3.0.7)
      activerecord (>= 3.2.0)
    ast (2.4.1)
    autoprefixer-rails (9.8.5)
      execjs
    axiom-types (0.1.1)
      descendants_tracker (~> 0.0.4)
      ice_nine (~> 0.11.0)
      thread_safe (~> 0.3, >= 0.3.1)
    better_errors (2.7.1)
      coderay (>= 1.0.0)
      erubi (>= 1.0.0)
      rack (>= 0.9.0)
    binding_of_caller (0.8.0)
      debug_inspector (>= 0.0.1)
    bootsnap (1.4.7)
      msgpack (~> 1.0)
    bootstrap-sass (3.4.1)
      autoprefixer-rails (>= 5.2.1)
      sassc (>= 2.0.0)
    builder (3.2.4)
    capybara (3.33.0)
      addressable
      mini_mime (>= 0.1.3)
      nokogiri (~> 1.8)
      rack (>= 1.6.0)
      rack-test (>= 0.6.3)
      regexp_parser (~> 1.5)
      xpath (~> 3.2)
    chronic (0.10.2)
    climate_control (0.2.0)
    coderay (1.1.3)
    coercible (1.0.0)
      descendants_tracker (~> 0.0.1)
    concurrent-ruby (1.1.8)
    crack (0.4.3)
      safe_yaml (~> 1.0.0)
    crass (1.0.6)
    daemons (1.3.1)
    debug_inspector (0.0.3)
    descendants_tracker (0.0.4)
      thread_safe (~> 0.3, >= 0.3.1)
    diff-lcs (1.4.4)
    docile (1.3.2)
    domain_name (0.5.20190701)
      unf (>= 0.0.5, < 1.0.0)
    equalizer (0.0.11)
    erubi (1.10.0)
    eventmachine (1.2.7)
    execjs (2.7.0)
    factory_bot (6.1.0)
      activesupport (>= 5.0.0)
    factory_bot_rails (6.1.0)
      factory_bot (~> 6.1.0)
      railties (>= 5.0.0)
    fakefs (1.2.2)
    faraday (1.4.1)
      faraday-excon (~> 1.1)
      faraday-net_http (~> 1.0)
      faraday-net_http_persistent (~> 1.1)
      multipart-post (>= 1.2, < 3)
      ruby2_keywords (>= 0.0.4)
    faraday-excon (1.1.0)
    faraday-net_http (1.0.1)
    faraday-net_http_persistent (1.1.0)
    ffi (1.13.1)
    friendly_id (5.4.0)
      activerecord (>= 4.0.0)
    gds-api-adapters (71.0.0)
      addressable
      link_header
      null_logger
      plek (>= 1.9.0)
      rest-client (~> 2.0)
    gds-sso (16.0.0)
      multi_json (~> 1.0)
      oauth2 (~> 1.0)
      omniauth (~> 1.2)
      omniauth-gds (~> 3.2)
      plek (~> 4.0)
      rails (>= 5)
      warden (~> 1.2)
      warden-oauth2 (~> 0.0.1)
    globalid (0.4.2)
      activesupport (>= 4.2.0)
    govspeak (6.7.0)
      actionview (>= 5.0, < 7)
      addressable (>= 2.3.8, < 3)
      govuk_publishing_components (>= 23)
      htmlentities (~> 4)
      i18n (>= 0.7)
      kramdown (>= 2.3.0)
      nokogiri (~> 1.5)
      nokogumbo (~> 2)
      rinku (~> 2.0)
      sanitize (>= 5.2.1, < 6)
    govuk-content-schema-test-helpers (1.6.1)
      json-schema (~> 2.8.0)
    govuk_admin_template (6.7.0)
      bootstrap-sass (= 3.4.1)
      jquery-rails (~> 4.3.1)
      plek (>= 2.1.0)
      rails (>= 3.2.0)
    govuk_app_config (3.0.0)
      logstasher (>= 1.2.2, < 2.2.0)
      sentry-raven (~> 3.1.1)
      statsd-ruby (~> 1.5.0)
      unicorn (>= 5.4, < 5.9)
    govuk_publishing_components (24.4.0)
      govuk_app_config
      kramdown
      plek
      rails (>= 5.0.0.1)
      rouge
      sprockets (< 4)
    hashdiff (1.0.1)
    hashie (4.1.0)
    htmlentities (4.3.4)
    http-accept (1.7.0)
    http-cookie (1.0.3)
      domain_name (~> 0.5)
    i18n (1.8.10)
      concurrent-ruby (~> 1.0)
    ice_nine (0.11.2)
    jquery-rails (4.3.5)
      rails-dom-testing (>= 1, < 3)
      railties (>= 4.2.0)
      thor (>= 0.14, < 2.0)
    json-schema (2.8.1)
      addressable (>= 2.4)
    jwt (2.2.2)
    kgio (2.11.3)
    kramdown (2.3.0)
      rexml
    link_header (0.0.8)
    logstasher (2.1.5)
      activesupport (>= 5.2)
      request_store
    loofah (2.9.0)
      crass (~> 1.0.2)
      nokogiri (>= 1.5.9)
    mail (2.7.1)
      mini_mime (>= 0.1.1)
    marcel (1.0.0)
    method_source (1.0.0)
    mime-types (3.3.1)
      mime-types-data (~> 3.2015)
    mime-types-data (3.2021.0225)
    mini_mime (1.0.3)
    mini_portile2 (2.5.0)
    minitest (5.14.4)
    mlanett-redis-lock (0.2.7)
      redis
    msgpack (1.3.3)
    multi_json (1.15.0)
    multi_xml (0.6.0)
    multipart-post (2.1.1)
    mysql2 (0.5.3)
    netrc (0.11.0)
    nio4r (2.5.7)
    nokogiri (1.11.2)
      mini_portile2 (~> 2.5.0)
      racc (~> 1.4)
    nokogumbo (2.0.4)
      nokogiri (~> 1.8, >= 1.8.4)
    null_logger (0.0.1)
    oauth2 (1.4.4)
      faraday (>= 0.8, < 2.0)
      jwt (>= 1.0, < 3.0)
      multi_json (~> 1.3)
      multi_xml (~> 0.5)
      rack (>= 1.2, < 3)
    omniauth (1.9.1)
      hashie (>= 3.4.6)
      rack (>= 1.6.2, < 3)
    omniauth-gds (3.2.1)
      multi_json (~> 1.10)
      omniauth-oauth2 (= 1.3.1)
    omniauth-oauth2 (1.3.1)
      oauth2 (~> 1.0)
      omniauth (~> 1.2)
    paper_trail (10.3.1)
      activerecord (>= 4.2)
      request_store (~> 1.1)
    parallel (1.19.2)
    parser (2.7.2.0)
      ast (~> 2.4.1)
    plek (4.0.0)
    pry (0.13.1)
      coderay (~> 1.1)
      method_source (~> 1.0)
    pry-rails (0.3.9)
      pry (>= 0.10.4)
    public_suffix (4.0.6)
    racc (1.5.2)
    rack (2.2.3)
    rack-test (1.1.0)
      rack (>= 1.0, < 3)
    railroady (1.5.3)
    rails (6.1.3.1)
      actioncable (= 6.1.3.1)
      actionmailbox (= 6.1.3.1)
      actionmailer (= 6.1.3.1)
      actionpack (= 6.1.3.1)
      actiontext (= 6.1.3.1)
      actionview (= 6.1.3.1)
      activejob (= 6.1.3.1)
      activemodel (= 6.1.3.1)
      activerecord (= 6.1.3.1)
      activestorage (= 6.1.3.1)
      activesupport (= 6.1.3.1)
      bundler (>= 1.15.0)
      railties (= 6.1.3.1)
      sprockets-rails (>= 2.0.0)
    rails-dom-testing (2.0.3)
      activesupport (>= 4.2.0)
      nokogiri (>= 1.6)
    rails-html-sanitizer (1.3.0)
      loofah (~> 2.3)
    railties (6.1.3.1)
      actionpack (= 6.1.3.1)
      activesupport (= 6.1.3.1)
      method_source
      rake (>= 0.8.7)
      thor (~> 1.0)
    rainbow (3.0.0)
    raindrops (0.19.1)
    rake (13.0.3)
    redis (4.2.1)
    regexp_parser (1.8.2)
    request_store (1.5.0)
      rack (>= 1.4)
    rest-client (2.1.0)
      http-accept (>= 1.7.0, < 2.0)
      http-cookie (>= 1.0.2, < 2.0)
      mime-types (>= 1.16, < 4.0)
      netrc (~> 0.8)
    rexml (3.2.4)
    rinku (2.0.6)
    rouge (3.26.0)
    rspec-core (3.10.1)
      rspec-support (~> 3.10.0)
    rspec-expectations (3.10.1)
      diff-lcs (>= 1.2.0, < 2.0)
      rspec-support (~> 3.10.0)
    rspec-mocks (3.10.2)
      diff-lcs (>= 1.2.0, < 2.0)
      rspec-support (~> 3.10.0)
    rspec-rails (5.0.1)
      actionpack (>= 5.2)
      activesupport (>= 5.2)
      railties (>= 5.2)
      rspec-core (~> 3.10)
      rspec-expectations (~> 3.10)
      rspec-mocks (~> 3.10)
      rspec-support (~> 3.10)
    rspec-support (3.10.2)
    rubocop (0.87.1)
      parallel (~> 1.10)
      parser (>= 2.7.1.1)
      rainbow (>= 2.2.2, < 4.0)
      regexp_parser (>= 1.7)
      rexml
      rubocop-ast (>= 0.1.0, < 1.0)
      ruby-progressbar (~> 1.7)
      unicode-display_width (>= 1.4.0, < 2.0)
    rubocop-ast (0.8.0)
      parser (>= 2.7.1.5)
    rubocop-govuk (3.17.2)
      rubocop (= 0.87.1)
      rubocop-ast (= 0.8.0)
      rubocop-rails (= 2.8.1)
      rubocop-rake (= 0.5.1)
      rubocop-rspec (= 1.42.0)
    rubocop-rails (2.8.1)
      activesupport (>= 4.2.0)
      rack (>= 1.1)
      rubocop (>= 0.87.0)
    rubocop-rake (0.5.1)
      rubocop
    rubocop-rspec (1.42.0)
      rubocop (>= 0.87.0)
    ruby-progressbar (1.10.1)
    ruby2_keywords (0.0.4)
    safe_yaml (1.0.5)
    sanitize (5.2.3)
      crass (~> 1.0.2)
      nokogiri (>= 1.8.0)
      nokogumbo (~> 2.0)
    sass-rails (6.0.0)
      sassc-rails (~> 2.1, >= 2.1.1)
    sassc (2.4.0)
      ffi (~> 1.9)
    sassc-rails (2.1.2)
      railties (>= 4.0.0)
      sassc (>= 2.0)
      sprockets (> 3.0)
      sprockets-rails
      tilt
    searchlight (4.1.0)
    select2-rails (4.0.13)
    sentry-raven (3.1.2)
      faraday (>= 1.0)
    shoulda-matchers (4.3.0)
      activesupport (>= 4.2.0)
    simple_form (5.0.2)
      actionpack (>= 5.0)
      activemodel (>= 5.0)
    simplecov (0.18.5)
      docile (~> 1.1)
      simplecov-html (~> 0.11)
    simplecov-html (0.12.2)
    sprockets (3.7.2)
      concurrent-ruby (~> 1.0)
      rack (> 1, < 3)
    sprockets-rails (3.2.2)
      actionpack (>= 4.0)
      activesupport (>= 4.0)
      sprockets (>= 3.0.0)
    statsd-ruby (1.5.0)
    thin (1.7.2)
      daemons (~> 1.0, >= 1.0.9)
      eventmachine (~> 1.0, >= 1.0.4)
      rack (>= 1, < 3)
    thor (1.1.0)
    thread_safe (0.3.6)
    tilt (2.0.10)
    tzinfo (2.0.4)
      concurrent-ruby (~> 1.0)
    uglifier (4.2.0)
      execjs (>= 0.3.0, < 3)
    unf (0.1.4)
      unf_ext
    unf_ext (0.0.7.7)
    unicode-display_width (1.7.0)
    unicorn (5.8.0)
      kgio (~> 2.6)
      raindrops (~> 0.7)
    virtus (1.0.5)
      axiom-types (~> 0.1)
      coercible (~> 1.0)
      descendants_tracker (~> 0.0, >= 0.0.3)
      equalizer (~> 0.0, >= 0.0.9)
    warden (1.2.9)
      rack (>= 2.0.9)
    warden-oauth2 (0.0.1)
      warden
    webmock (3.8.3)
      addressable (>= 2.3.6)
      crack (>= 0.3.2)
      hashdiff (>= 0.4.0, < 2.0.0)
    websocket-driver (0.7.3)
      websocket-extensions (>= 0.1.0)
    websocket-extensions (0.1.5)
    whenever (1.0.0)
      chronic (>= 0.6.3)
    xpath (3.2.0)
      nokogiri (~> 1.8)
    zeitwerk (2.4.2)

PLATFORMS
  ruby

DEPENDENCIES
  active_hash
  ancestry
  better_errors
  binding_of_caller
  bootsnap
  capybara
  climate_control
  factory_bot_rails
  fakefs
  friendly_id
  gds-api-adapters
  gds-sso
  govspeak
  govuk-content-schema-test-helpers
  govuk_admin_template
  govuk_app_config
  json-schema
  mlanett-redis-lock
  mysql2
  paper_trail
  plek
  pry-rails
  railroady
  rails (= 6.1.3.1)
  rspec-rails
  rubocop-govuk
  sass-rails
  searchlight
  select2-rails
  shoulda-matchers
  simple_form
  simplecov
  thin
  uglifier
  virtus
  webmock
  whenever

BUNDLED WITH
   2.1.4
